GEM
  remote: http://rubygems.org/
  specs:
    amazon_product (3.0.1)
      nokogiri (~> 1.4)
    barby (0.5.0)
    chunky_png (1.2.5)
    nokogiri (1.5.0)

PLATFORMS
  ruby

DEPENDENCIES
  amazon_product (~> 3.0.1)
  barby (~> 0.5.0)
  chunky_png (~> 1.2.5)
